GIT
  remote: git://github.com/jnicklas/capybara.git
  revision: 218510e64f2fa8c2a2ccd3a709897be5dbfd1b93
  specs:
    capybara (0.4.1.1)
      mime-types (>= 1.16)
      nokogiri (>= 1.3.3)
      rack (>= 1.0.0)
      rack-test (>= 0.5.4)
      selenium-webdriver (>= 0.0.27)
      xpath (~> 0.1.3)

GEM
  remote: http://rubygems.org/
  specs:
    abstract (1.0.0)
    actionmailer (3.0.5)
      actionpack (= 3.0.5)
      mail (~> 2.2.15)
    actionpack (3.0.5)
      activemodel (= 3.0.5)
      activesupport (= 3.0.5)
      builder (~> 2.1.2)
      erubis (~> 2.6.6)
      i18n (~> 0.4)
      rack (~> 1.2.1)
      rack-mount (~> 0.6.13)
      rack-test (~> 0.5.7)
      tzinfo (~> 0.3.23)
    activemodel (3.0.5)
      activesupport (= 3.0.5)
      builder (~> 2.1.2)
      i18n (~> 0.4)
    activerecord (3.0.5)
      activemodel (= 3.0.5)
      activesupport (= 3.0.5)
      arel (~> 2.0.2)
      tzinfo (~> 0.3.23)
    activeresource (3.0.5)
      activemodel (= 3.0.5)
      activesupport (= 3.0.5)
    activesupport (3.0.5)
    alias (0.2.2)
    annotate (2.4.0)
    arel (2.0.9)
    awesome_print (0.3.2)
    bcrypt-ruby (2.1.4)
    boson (0.3.3)
      alias (>= 0.2.2)
      hirb (>= 0.3.5)
    builder (2.1.2)
    childprocess (0.1.8)
      ffi (~> 1.0.6)
    clipboard (0.9.7)
    coderay (0.9.7)
    configuration (1.2.0)
    cucumber (0.10.2)
      builder (>= 2.1.2)
      diff-lcs (>= 1.1.2)
      gherkin (>= 2.3.5)
      json (>= 1.4.6)
      term-ansicolor (>= 1.0.5)
    cucumber-rails (0.4.0)
      cucumber (>= 0.10.1)
      nokogiri (>= 1.4.4)
      rack-test (>= 0.5.7)
    database_cleaner (0.6.6)
    devise (1.2.1)
      bcrypt-ruby (~> 2.1.2)
      orm_adapter (~> 0.0.3)
      warden (~> 1.0.3)
    diff-lcs (1.1.2)
    erubis (2.6.6)
      abstract (>= 1.0.0)
    fancy_irb (0.6.5)
      unicode-display_width (>= 0.1.1)
      wirb (>= 0.2.4)
    ffaker (1.4.0)
    ffi (1.0.7)
      rake (>= 0.8.7)
    formtastic (1.2.3)
      actionpack (>= 2.3.7)
      activesupport (>= 2.3.7)
      i18n (~> 0.4)
    g (1.4.0)
      ruby-growl (>= 1.0.1)
    gherkin (2.3.5)
      json (>= 1.4.6)
    guessmethod (0.2.1)
      rake (>= 0.7)
    hirb (0.4.3)
    i18n (0.5.0)
    interactive_editor (0.0.7)
      spoon (>= 0.0.1)
    irbtools (0.8.6)
      awesome_print (~> 0.3)
      boson (~> 0.3)
      clipboard (>= 0.9.7)
      coderay (~> 0.9)
      fancy_irb (>= 0.6.5)
      g
      guessmethod
      hirb (~> 0.4)
      interactive_editor (>= 0.0.6)
      sketches
      wirb (>= 0.2.4)
      zucker (>= 9)
    json (1.5.1)
    json_pure (1.5.1)
    launchy (0.4.0)
      configuration (>= 0.0.5)
      rake (>= 0.8.1)
    machinist (2.0.0.beta2)
    mail (2.2.15)
      activesupport (>= 2.3.6)
      i18n (>= 0.4.0)
      mime-types (~> 1.16)
      treetop (~> 1.4.8)
    mime-types (1.16)
    nokogiri (1.4.4)
    orm_adapter (0.0.4)
    polyglot (0.3.1)
    rack (1.2.2)
    rack-mount (0.6.13)
      rack (>= 1.0.0)
    rack-test (0.5.7)
      rack (>= 1.0)
    rails (3.0.5)
      actionmailer (= 3.0.5)
      actionpack (= 3.0.5)
      activerecord (= 3.0.5)
      activeresource (= 3.0.5)
      activesupport (= 3.0.5)
      bundler (~> 1.0)
      railties (= 3.0.5)
    railties (3.0.5)
      actionpack (= 3.0.5)
      activesupport (= 3.0.5)
      rake (>= 0.8.7)
      thor (~> 0.14.4)
    rake (0.8.7)
    rspec (2.5.0)
      rspec-core (~> 2.5.0)
      rspec-expectations (~> 2.5.0)
      rspec-mocks (~> 2.5.0)
    rspec-core (2.5.1)
    rspec-expectations (2.5.0)
      diff-lcs (~> 1.1.2)
    rspec-mocks (2.5.0)
    rspec-rails (2.5.0)
      actionpack (~> 3.0)
      activesupport (~> 3.0)
      railties (~> 3.0)
      rspec (~> 2.5.0)
    ruby-growl (3.0)
    rubyzip (0.9.4)
    selenium-webdriver (0.1.4)
      childprocess (>= 0.1.7)
      ffi (>= 1.0.7)
      json_pure
      rubyzip
    shoulda-matchers (1.0.0.beta2)
    sketches (0.1.1)
    spoon (0.0.1)
    sqlite3 (1.3.3)
    term-ansicolor (1.0.5)
    thor (0.14.6)
    timeliness (0.3.3)
    treetop (1.4.9)
      polyglot (>= 0.3.1)
    tzinfo (0.3.25)
    unicode-display_width (0.1.1)
    validates_timeliness (3.0.5)
      timeliness (~> 0.3.2)
    warden (1.0.3)
      rack (>= 1.0.0)
    wirb (0.2.4)
    xpath (0.1.3)
      nokogiri (~> 1.3)
    zucker (9)

PLATFORMS
  ruby

DEPENDENCIES
  annotate
  capybara!
  cucumber-rails
  database_cleaner
  devise
  ffaker
  formtastic (~> 1.2.0)
  irbtools
  launchy
  machinist (>= 2.0.0.beta1)
  rails (= 3.0.5)
  rspec-rails
  shoulda-matchers
  sqlite3
  validates_timeliness (~> 3.0.2)
